GEM
  remote: http://rubygems.org/
  specs:
    addressable (2.2.2)
    bacon (1.1.0)
    em-http-request (0.2.15)
      addressable (>= 2.0.0)
      eventmachine (>= 0.12.9)
    eventmachine (0.12.10)
    git (1.2.5)
    jeweler (1.5.2)
      bundler (~> 1.0.0)
      git (>= 1.2.5)
      rake
    rake (0.8.7)
    rcov (0.9.9)

PLATFORMS
  ruby

DEPENDENCIES
  bacon
  bundler (~> 1.0.0)
  em-http-request (~> 0.2.15)
  eventmachine (~> 0.12.10)
  jeweler (~> 1.5.2)
  rcov
