PATH
  remote: .
  specs:
    pusher-client (0.2.1)
      addressable (~> 2.3.1)
      libwebsocket (~> 0.1.4)
      ruby-hmac (~> 0.4.0)

GEM
  remote: http://rubygems.org/
  specs:
    addressable (2.3.1)
    bacon (1.1.0)
    libwebsocket (0.1.4)
      addressable
    ruby-hmac (0.4.0)

PLATFORMS
  java
  ruby

DEPENDENCIES
  bacon
  pusher-client!
