GEM
  remote: http://rubygems.org/
  specs:
    addressable (2.3.1)
    bacon (1.1.0)
    libwebsocket (0.1.0)
    rcov (0.9.9)
    rcov (0.9.9-java)
    ruby-hmac (0.4.0)

PLATFORMS
  java
  ruby

DEPENDENCIES
  addressable (~> 2.3.1)
  bacon
  libwebsocket (~> 0.1.0)
  rcov
  ruby-hmac (~> 0.4.0)
